GEM
  remote: https://rubygems.org/
  specs:
    coderay (1.1.2)
    docile (1.3.2)
    method_source (1.0.0)
    minitest (5.14.0)
    minitest-emoji (2.0.0)
    pry (0.13.1)
      coderay (~> 1.1)
      method_source (~> 1.0)
    rake (13.0.1)
    simplecov (0.18.5)
      docile (~> 1.1)
      simplecov-html (~> 0.11)
    simplecov-html (0.12.2)

PLATFORMS
  ruby

DEPENDENCIES
  minitest
  minitest-emoji
  pry
  rake
  simplecov

BUNDLED WITH
   1.17.2
